NUGET
  remote: https://www.nuget.org/api/v2
  specs:
    Deedle (1.2.4)
    Deedle.RPlugin (1.2.4)
      Deedle (>= 1.2.4)
      R.NET.Community (>= 1.6.4)
      R.NET.Community.FSharp (>= 1.6.4)
      RProvider (>= 1.1.13)
    DynamicInterop (0.7.4)
    Foogle.Charts (0.0.5)
    FSharp.Charting (0.90.13)
    FSharp.Charting.Gtk (0.90.12)
    FSharp.Core (4.0.0.1)
    FSharp.Data (2.2.5)
      Zlib.Portable (>= 1.10.0) - framework: portable-net40+sl50+wp80+win80
    FsLab (0.3.11)
      Deedle (1.2.4)
      Deedle.RPlugin (1.2.4)
      FSharp.Charting (0.90.13)
      FSharp.Data (2.2.5)
      Foogle.Charts (0.0.5)
      Google.DataTable.Net.Wrapper (3.1.2.0)
      MathNet.Numerics (3.9.0)
      MathNet.Numerics.FSharp (3.9.0)
      Newtonsoft.Json (7.0.1)
      R.NET.Community (1.6.4)
      R.NET.Community.FSharp (1.6.4)
      RProvider (1.1.15)
      XPlot.GoogleCharts (1.2.2)
      XPlot.GoogleCharts.Deedle (1.2.2)
      XPlot.Plotly (1.2.2)
    Google.DataTable.Net.Wrapper (3.1.2)
    Http.fs (1.5.1)
    MathNet.Numerics (3.9.0)
      TaskParallelLibrary (>= 1.0.2856.0) - framework: >= net35 < net40
    MathNet.Numerics.FSharp (3.9.0)
      FSharp.Core (>= 3.1.2.5)
      MathNet.Numerics (3.9.0)
    Newtonsoft.Json (7.0.1)
    R.NET.Community (1.6.4)
      DynamicInterop (0.7.4)
    R.NET.Community.FSharp (1.6.4)
      R.NET.Community (>= 1.6.4)
    RProvider (1.1.15)
      DynamicInterop (0.7.4)
      R.NET.Community (1.6.4)
      R.NET.Community.FSharp (1.6.4)
    TaskParallelLibrary (1.0.2856) - framework: net35
    XPlot.GoogleCharts (1.2.2)
      Google.DataTable.Net.Wrapper
      Newtonsoft.Json
    XPlot.GoogleCharts.Deedle (1.2.2)
      Deedle
      XPlot.GoogleCharts (>= 1.2.2)
    XPlot.Plotly (1.2.2)
      Http.fs
      Newtonsoft.Json
    Zlib.Portable (1.11.0) - framework: portable-net40+sl50+wp80+win80
